GEM
  remote: https://gems.ruby-china.com/
  specs:
    mustermann (1.0.3)
    qq_conn (0.3.1)
    rack (2.0.6)
    rack-protection (2.0.4)
      rack
    sinatra (2.0.4)
      mustermann (~> 1.0)
      rack (~> 2.0)
      rack-protection (= 2.0.4)
      tilt (~> 2.0)
    tilt (2.0.8)

PLATFORMS
  ruby

DEPENDENCIES
  qq_conn
  sinatra

BUNDLED WITH
   1.17.1
